GEM
  remote: https://rubygems.org/
  specs:
    bigdecimal (3.1.8)
    csv (3.3.2)
    httparty (0.22.0)
      csv
      mini_mime (>= 1.0.0)
      multi_xml (>= 0.5.2)
    json (2.9.1)
    mini_mime (1.1.5)
    multi_xml (0.7.1)
      bigdecimal (~> 3.1)
    power_assert (2.0.5)
    test-unit (3.6.7)
      power_assert

PLATFORMS
  x64-mingw-ucrt

DEPENDENCIES
  httparty
  json
  test-unit

BUNDLED WITH
   2.6.2
